GEM
  remote: http://rubygems.org/
  specs:
    activesupport (3.2.11)
      i18n (~> 0.6)
      multi_json (~> 1.0)
    bubble-wrap (1.1.4)
    i18n (0.6.1)
    ib (0.2.1)
      thor (~> 0.15.4)
      xcodeproj (>= 0.2.3)
    multi_json (1.5.0)
    rake (0.9.0)
    teacup (1.0.4)
      rake
    thor (0.15.4)
    xcodeproj (0.3.5)
      activesupport (~> 3.2.6)

PLATFORMS
  ruby

DEPENDENCIES
  bubble-wrap
  ib
  teacup
  xcodeproj (~> 0.3.0)
