GEM
  remote: http://rubygems.org/
  specs:
    bubble-wrap (1.1.4)
    rake (10.0.3)
    teacup (1.0.4)
      rake

PLATFORMS
  ruby

DEPENDENCIES
  bubble-wrap
  teacup
